GEM
  remote: https://rubygems.org/
  specs:
    axiom-types (0.1.1)
      descendants_tracker (~> 0.0.4)
      ice_nine (~> 0.11.0)
      thread_safe (~> 0.3, >= 0.3.1)
    clever-api (0.0.2)
      rest-client
    coercible (1.0.0)
      descendants_tracker (~> 0.0.1)
    curb (0.9.3)
    descendants_tracker (0.0.4)
      thread_safe (~> 0.3, >= 0.3.1)
    domain_name (0.5.20160615)
      unf (>= 0.0.5, < 1.0.0)
    equalizer (0.0.11)
    faraday (0.9.2)
      multipart-post (>= 1.2, < 3)
    gems (0.8.3)
    htmlentities (4.3.4)
    http-cookie (1.0.2)
      domain_name (~> 0.5)
    http_router (0.11.2)
      rack (>= 1.0.0)
      url_mount (~> 0.2.1)
    i18n (0.7.0)
    ice_nine (0.11.2)
    iso8601 (0.9.1)
    lita (4.7.0)
      bundler (>= 1.3)
      faraday (>= 0.8.7)
      http_router (>= 0.11.2)
      i18n (>= 0.6.9)
      ice_nine (>= 0.11.0)
      multi_json (>= 1.7.7)
      puma (>= 2.7.1)
      rack (>= 1.5.2)
      rb-readline (>= 0.5.1)
      redis-namespace (>= 1.3.0)
      thor (>= 0.18.1)
    lita-ai (0.1.2)
      clever-api (~> 0.0.2)
      htmlentities (~> 4.3)
      lita (>= 4.6)
    lita-devops-reactions (0.1.0)
      curb (>= 0.8)
      lita (>= 4.4)
      nokogiri (>= 1.6)
    lita-gems (1.1.0)
      gems (>= 0.8.0)
      lita (>= 2.6)
    lita-giphy (1.0.4)
      lita (>= 2.0)
    lita-google-images (3.0.0)
      lita (>= 4.0)
    lita-keepalive (0.0.2)
      lita (~> 4.0)
    lita-poll (1.0.2)
      lita (>= 4.2.1)
    lita-spotify (0.1.2)
      lita (>= 4.4)
    lita-telegram (0.1.0)
      lita (>= 4.5)
      telegram-bot-ruby
    lita-youtube-me (0.0.6)
      iso8601 (>= 0.8.6)
      lita (>= 4.0)
    mime-types (3.1)
      mime-types-data (~> 3.2015)
    mime-types-data (3.2016.0521)
    mini_portile2 (2.1.0)
    multi_json (1.12.1)
    multipart-post (2.0.0)
    netrc (0.11.0)
    nokogiri (1.6.8)
      mini_portile2 (~> 2.1.0)
      pkg-config (~> 1.1.7)
    pkg-config (1.1.7)
    puma (3.6.0)
    rack (2.0.1)
    rb-readline (0.5.3)
    redis (3.3.1)
    redis-namespace (1.5.2)
      redis (~> 3.0, >= 3.0.4)
    rest-client (2.0.0)
      http-cookie (>= 1.0.2, < 2.0)
      mime-types (>= 1.16, < 4.0)
      netrc (~> 0.8)
    telegram-bot-ruby (0.5.3)
      faraday
      virtus
    thor (0.19.1)
    thread_safe (0.3.5)
    unf (0.1.4)
      unf_ext
    unf_ext (0.0.7.2)
    url_mount (0.2.1)
      rack
    virtus (1.0.5)
      axiom-types (~> 0.1)
      coercible (~> 1.0)
      descendants_tracker (~> 0.0, >= 0.0.3)
      equalizer (~> 0.0, >= 0.0.9)

PLATFORMS
  ruby

DEPENDENCIES
  lita
  lita-ai
  lita-devops-reactions
  lita-gems
  lita-giphy
  lita-google-images (~> 3.0.0)
  lita-keepalive
  lita-poll
  lita-spotify
  lita-telegram
  lita-youtube-me

BUNDLED WITH
   1.12.5
